GIT
  remote: git://github.com/tehtorq/strata.git
  revision: 32ab2e00de10c0d4760ec28be6de4d49fd7e7e40
  specs:
    strata (0.0.1)
      activesupport
      i18n

PATH
  remote: .
  specs:
    absa-esd (0.0.11)
      activesupport
      i18n
      strata

GEM
  remote: http://rubygems.org/
  specs:
    activesupport (3.2.2)
      i18n (~> 0.6)
      multi_json (~> 1.0)
    diff-lcs (1.1.3)
    i18n (0.6.0)
    multi_json (1.1.0)
    rspec (2.8.0)
      rspec-core (~> 2.8.0)
      rspec-expectations (~> 2.8.0)
      rspec-mocks (~> 2.8.0)
    rspec-core (2.8.0)
    rspec-expectations (2.8.0)
      diff-lcs (~> 1.1.2)
    rspec-mocks (2.8.0)

PLATFORMS
  ruby

DEPENDENCIES
  absa-esd!
  rspec
  strata (= 0.0.1)!
